PATH
  remote: .
  specs:
    deprecated (0.1.0)
      rails (~> 7.0.0.alpha2)

GEM
  remote: https://pkgs.shopify.io/basic/gems/ruby/
  specs:
    kafka-client-ruby (2.9.3)
      avro_turf (>= 1.3.1, < 1.5.0)
      dnsruby (~> 1.61, >= 1.61.3)
      ruby-kafka (>= 1.2, < 1.4)
      snappy (>= 0.0.17, < 0.3.0)
    kafka-shopify (1.11.3)
      activesupport (>= 5.1)
      kafka-client-ruby (>= 2.6, < 2.10)
      ruby-kafka (~> 1.3)
      statsd-instrument (>= 2.3, < 4)
      sysvmq (~> 0.2.1)
      tros (~> 1.7)
    monorail (0.1.110.4196)
      avro (~> 1.8)
      colorize (>= 0.8.1)
      faraday (>= 0.12, < 2)
      json (>= 2.3.0)
      kafka-shopify (>= 1.11.2)
      statsd-instrument (>= 2.3.2)
    opentelemetry-instrumentation-memcached (0.25.0)
      opentelemetry-api (~> 1.0)
      opentelemetry-common (~> 0.19.2)
      opentelemetry-instrumentation-base (~> 0.18.3)
    opentelemetry-instrumentation-sidekiq_scheduler (0.25.0)
      opentelemetry-api (~> 1.0)
      opentelemetry-common (~> 0.19.2)
      opentelemetry-instrumentation-base (~> 0.18.3)
    opentelemetry-shopify (1.0.9)
      google-protobuf (>= 3.17.1)
      opentelemetry-api (~> 1.0)
      opentelemetry-common (~> 0.19.2)
      opentelemetry-exporter-jaeger (~> 0.20.0)
      opentelemetry-exporter-otlp (~> 0.20.3)
      opentelemetry-instrumentation-dalli (~> 0.19.1)
      opentelemetry-instrumentation-ethon (~> 0.19.2)
      opentelemetry-instrumentation-faraday (~> 0.19.2)
      opentelemetry-instrumentation-graphql (~> 0.19.1)
      opentelemetry-instrumentation-http (~> 0.19.2)
      opentelemetry-instrumentation-http_client (~> 0.19.2)
      opentelemetry-instrumentation-memcached (~> 0.25.0)
      opentelemetry-instrumentation-mysql2 (~> 0.19.1)
      opentelemetry-instrumentation-net_http (~> 0.19.2)
      opentelemetry-instrumentation-rack (~> 0.20.0)
      opentelemetry-instrumentation-rails (~> 0.19.4)
      opentelemetry-instrumentation-redis (~> 0.21.1)
      opentelemetry-instrumentation-resque (~> 0.1.2)
      opentelemetry-instrumentation-ruby_kafka (~> 0.18.4)
      opentelemetry-instrumentation-sidekiq (~> 0.20.1)
      opentelemetry-instrumentation-sidekiq_scheduler (~> 0.25.0)
      opentelemetry-resource_detectors (~> 0.19.0)
      opentelemetry-sdk (~> 1.0)
      semian (>= 0.10.2)
      statsd-instrument (>= 2.3.0, < 4)
    shopify-cloud (2.11.1)
      actionpack (>= 6.0.0)
      activesupport (>= 6.0.0)
      concurrent-ruby
      google-cloud-storage (~> 1.4)
      railties (>= 6.0.0)
      shopify_metrics
      statsd-instrument
    shopify-types (0.5.5)
      rubocop-sorbet
      sorbet
      sorbet-runtime
      spoom
      tapioca (>= 0.5.2)
    shopify_metrics (1.10.0)
      raindrops
      statsd-instrument (>= 2.7, < 4)

GEM
  remote: https://rubygems.org/
  specs:
    actioncable (7.0.0.alpha2)
      actionpack (= 7.0.0.alpha2)
      activesupport (= 7.0.0.alpha2)
      nio4r (~> 2.0)
      websocket-driver (>= 0.6.1)
    actionmailbox (7.0.0.alpha2)
      actionpack (= 7.0.0.alpha2)
      activejob (= 7.0.0.alpha2)
      activerecord (= 7.0.0.alpha2)
      activestorage (= 7.0.0.alpha2)
      activesupport (= 7.0.0.alpha2)
      mail (>= 2.7.1)
    actionmailer (7.0.0.alpha2)
      actionpack (= 7.0.0.alpha2)
      actionview (= 7.0.0.alpha2)
      activejob (= 7.0.0.alpha2)
      activesupport (= 7.0.0.alpha2)
      mail (~> 2.5, >= 2.5.4)
      rails-dom-testing (~> 2.0)
    actionpack (7.0.0.alpha2)
      actionview (= 7.0.0.alpha2)
      activesupport (= 7.0.0.alpha2)
      rack (~> 2.0, >= 2.2.0)
      rack-test (>= 0.6.3)
      rails-dom-testing (~> 2.0)
      rails-html-sanitizer (~> 1.0, >= 1.2.0)
    actiontext (7.0.0.alpha2)
      actionpack (= 7.0.0.alpha2)
      activerecord (= 7.0.0.alpha2)
      activestorage (= 7.0.0.alpha2)
      activesupport (= 7.0.0.alpha2)
      nokogiri (>= 1.8.5)
    actionview (7.0.0.alpha2)
      activesupport (= 7.0.0.alpha2)
      builder (~> 3.1)
      erubi (~> 1.4)
      rails-dom-testing (~> 2.0)
      rails-html-sanitizer (~> 1.1, >= 1.2.0)
    activejob (7.0.0.alpha2)
      activesupport (= 7.0.0.alpha2)
      globalid (>= 0.3.6)
    activemodel (7.0.0.alpha2)
      activesupport (= 7.0.0.alpha2)
    activerecord (7.0.0.alpha2)
      activemodel (= 7.0.0.alpha2)
      activesupport (= 7.0.0.alpha2)
    activestorage (7.0.0.alpha2)
      actionpack (= 7.0.0.alpha2)
      activejob (= 7.0.0.alpha2)
      activerecord (= 7.0.0.alpha2)
      activesupport (= 7.0.0.alpha2)
      marcel (~> 1.0.0)
      mini_mime (>= 1.1.0)
    activesupport (7.0.0.alpha2)
      concurrent-ruby (~> 1.0, >= 1.0.2)
      i18n (>= 1.6, < 2)
      minitest (>= 5.1)
      tzinfo (~> 2.0)
    addressable (2.8.0)
      public_suffix (>= 2.0.2, < 5.0)
    ast (2.4.2)
    avro (1.10.2)
      multi_json (~> 1)
    avro_turf (1.4.1)
      avro (>= 1.7.7, < 1.11)
      excon (~> 0.71)
    bindex (0.8.1)
    bootsnap (1.9.1)
      msgpack (~> 1.0)
    builder (3.2.4)
    capybara (3.36.0)
      addressable
      matrix
      mini_mime (>= 0.1.3)
      nokogiri (~> 1.8)
      rack (>= 1.6.0)
      rack-test (>= 0.6.3)
      regexp_parser (>= 1.5, < 3.0)
      xpath (~> 3.2)
    childprocess (4.1.0)
    coderay (1.1.3)
    colorize (0.8.1)
    concurrent-ruby (1.1.9)
    crass (1.0.6)
    debug (1.3.4)
      irb (>= 1.3.6)
      reline (>= 0.2.7)
    declarative (0.0.20)
    diff-lcs (1.4.4)
    digest-crc (0.6.4)
      rake (>= 12.0.0, < 14.0.0)
    dnsruby (1.61.7)
      simpleidn (~> 0.1)
    ejson (1.3.0)
    ejson-rails (0.1.1)
      ejson
      railties (>= 4.1)
    erubi (1.10.0)
    excon (0.88.0)
    faraday (1.8.0)
      faraday-em_http (~> 1.0)
      faraday-em_synchrony (~> 1.0)
      faraday-excon (~> 1.1)
      faraday-httpclient (~> 1.0.1)
      faraday-net_http (~> 1.0)
      faraday-net_http_persistent (~> 1.1)
      faraday-patron (~> 1.0)
      faraday-rack (~> 1.0)
      multipart-post (>= 1.2, < 3)
      ruby2_keywords (>= 0.0.4)
    faraday-em_http (1.0.0)
    faraday-em_synchrony (1.0.0)
    faraday-excon (1.1.0)
    faraday-httpclient (1.0.1)
    faraday-net_http (1.0.1)
    faraday-net_http_persistent (1.2.0)
    faraday-patron (1.0.0)
    faraday-rack (1.0.0)
    globalid (0.5.2)
      activesupport (>= 5.0)
    google-apis-core (0.4.1)
      addressable (~> 2.5, >= 2.5.1)
      googleauth (>= 0.16.2, < 2.a)
      httpclient (>= 2.8.1, < 3.a)
      mini_mime (~> 1.0)
      representable (~> 3.0)
      retriable (>= 2.0, < 4.a)
      rexml
      webrick
    google-apis-iamcredentials_v1 (0.8.0)
      google-apis-core (>= 0.4, < 2.a)
    google-apis-storage_v1 (0.9.0)
      google-apis-core (>= 0.4, < 2.a)
    google-cloud-core (1.6.0)
      google-cloud-env (~> 1.0)
      google-cloud-errors (~> 1.0)
    google-cloud-env (1.5.0)
      faraday (>= 0.17.3, < 2.0)
    google-cloud-errors (1.2.0)
    google-cloud-storage (1.34.1)
      addressable (~> 2.5)
      digest-crc (~> 0.4)
      google-apis-iamcredentials_v1 (~> 0.1)
      google-apis-storage_v1 (~> 0.1)
      google-cloud-core (~> 1.6)
      googleauth (>= 0.16.2, < 2.a)
      mini_mime (~> 1.0)
    google-protobuf (3.19.1-x86_64-darwin)
    googleauth (1.1.0)
      faraday (>= 0.17.3, < 2.0)
      jwt (>= 1.4, < 3.0)
      memoist (~> 0.16)
      multi_json (~> 1.11)
      os (>= 0.9, < 2.0)
      signet (>= 0.16, < 2.a)
    httpclient (2.8.3)
    i18n (1.8.11)
      concurrent-ruby (~> 1.0)
    importmap-rails (0.9.0)
      rails (>= 6.0.0)
    io-console (0.5.9)
    irb (1.3.7)
      reline (>= 0.2.7)
    jbuilder (2.11.3)
      activesupport (>= 5.0.0)
    json (2.6.1)
    jwt (2.3.0)
    language_server-protocol (3.16.0.3)
    loofah (2.12.0)
      crass (~> 1.0.2)
      nokogiri (>= 1.5.9)
    mail (2.7.1)
      mini_mime (>= 0.1.1)
    marcel (1.0.2)
    matrix (0.4.2)
    memoist (0.16.2)
    method_source (1.0.0)
    mini_mime (1.1.2)
    minitest (5.14.4)
    minitest-distributed (0.2.4)
      minitest (~> 5.12)
      redis (~> 4.2)
      sorbet-runtime
    minitest-silence (0.2.4)
      minitest (~> 5.12)
    msgpack (1.4.2)
    multi_json (1.15.0)
    multipart-post (2.1.1)
    mysql2 (0.5.3)
    nio4r (2.5.8)
    nokogiri (1.12.5-x86_64-darwin)
      racc (~> 1.4)
    opentelemetry-api (1.0.0)
    opentelemetry-common (0.19.2)
      opentelemetry-api (~> 1.0)
    opentelemetry-exporter-jaeger (0.20.1)
      opentelemetry-api (~> 1.0)
      opentelemetry-common (~> 0.19.2)
      opentelemetry-sdk (~> 1.0)
      thrift
    opentelemetry-exporter-otlp (0.20.6)
      google-protobuf (~> 3.7)
      opentelemetry-api (~> 1.0)
      opentelemetry-common (~> 0.19.2)
      opentelemetry-sdk (~> 1.0)
    opentelemetry-instrumentation-action_pack (0.1.2)
      opentelemetry-api (~> 1.0)
      opentelemetry-instrumentation-base (~> 0.18.3)
      opentelemetry-instrumentation-rack (~> 0.20.0)
    opentelemetry-instrumentation-action_view (0.1.3)
      opentelemetry-api (~> 1.0.0)
      opentelemetry-instrumentation-base (~> 0.18.0)
    opentelemetry-instrumentation-active_record (0.2.1)
      opentelemetry-api (~> 1.0)
      opentelemetry-instrumentation-base (~> 0.18.3)
    opentelemetry-instrumentation-base (0.18.3)
      opentelemetry-api (~> 1.0)
    opentelemetry-instrumentation-dalli (0.19.1)
      opentelemetry-api (~> 1.0)
      opentelemetry-common (~> 0.19.2)
      opentelemetry-instrumentation-base (~> 0.18.3)
    opentelemetry-instrumentation-ethon (0.19.2)
      opentelemetry-api (~> 1.0)
      opentelemetry-common (~> 0.19.2)
      opentelemetry-instrumentation-base (~> 0.18.3)
    opentelemetry-instrumentation-faraday (0.19.2)
      opentelemetry-api (~> 1.0)
      opentelemetry-common (~> 0.19.2)
      opentelemetry-instrumentation-base (~> 0.18.3)
    opentelemetry-instrumentation-graphql (0.19.1)
      opentelemetry-api (~> 1.0)
      opentelemetry-instrumentation-base (~> 0.18.3)
    opentelemetry-instrumentation-http (0.19.2)
      opentelemetry-api (~> 1.0)
      opentelemetry-instrumentation-base (~> 0.18.3)
    opentelemetry-instrumentation-http_client (0.19.2)
      opentelemetry-api (~> 1.0)
      opentelemetry-common (~> 0.19.2)
      opentelemetry-instrumentation-base (~> 0.18.3)
    opentelemetry-instrumentation-mysql2 (0.19.1)
      opentelemetry-api (~> 1.0)
      opentelemetry-instrumentation-base (~> 0.18.3)
    opentelemetry-instrumentation-net_http (0.19.2)
      opentelemetry-api (~> 1.0)
      opentelemetry-common (~> 0.19.2)
      opentelemetry-instrumentation-base (~> 0.18.3)
    opentelemetry-instrumentation-rack (0.20.0)
      opentelemetry-api (~> 1.0)
      opentelemetry-instrumentation-base (~> 0.18.3)
    opentelemetry-instrumentation-rails (0.19.4)
      opentelemetry-api (~> 1.0)
      opentelemetry-instrumentation-action_pack (~> 0.1.2)
      opentelemetry-instrumentation-action_view (~> 0.1.3)
      opentelemetry-instrumentation-active_record (~> 0.2.0)
      opentelemetry-instrumentation-base (~> 0.18.3)
    opentelemetry-instrumentation-redis (0.21.1)
      opentelemetry-api (~> 1.0)
      opentelemetry-common (~> 0.19.2)
      opentelemetry-instrumentation-base (~> 0.18.3)
    opentelemetry-instrumentation-resque (0.1.2)
      opentelemetry-api (~> 1.0)
      opentelemetry-instrumentation-base (~> 0.18.3)
    opentelemetry-instrumentation-ruby_kafka (0.18.4)
      opentelemetry-api (~> 1.0)
      opentelemetry-instrumentation-base (~> 0.18.3)
    opentelemetry-instrumentation-sidekiq (0.20.1)
      opentelemetry-api (~> 1.0)
      opentelemetry-common (~> 0.19.2)
      opentelemetry-instrumentation-base (~> 0.18.3)
    opentelemetry-resource_detectors (0.19.1)
      google-cloud-env
      opentelemetry-sdk
    opentelemetry-sdk (1.0.1)
      opentelemetry-api (~> 1.0)
      opentelemetry-common (~> 0.19.2)
      opentelemetry-instrumentation-base (~> 0.18.3)
      opentelemetry-semantic_conventions
    opentelemetry-semantic_conventions (1.6.1)
      opentelemetry-api (~> 1.0)
    os (1.1.4)
    parallel (1.21.0)
    parser (3.0.2.0)
      ast (~> 2.4.1)
    pry (0.14.1)
      coderay (~> 1.1)
      method_source (~> 1.0)
    public_suffix (4.0.6)
    puma (5.5.2)
      nio4r (~> 2.0)
    racc (1.6.0)
    rack (2.2.3)
    rack-test (1.1.0)
      rack (>= 1.0, < 3)
    rails (7.0.0.alpha2)
      actioncable (= 7.0.0.alpha2)
      actionmailbox (= 7.0.0.alpha2)
      actionmailer (= 7.0.0.alpha2)
      actionpack (= 7.0.0.alpha2)
      actiontext (= 7.0.0.alpha2)
      actionview (= 7.0.0.alpha2)
      activejob (= 7.0.0.alpha2)
      activemodel (= 7.0.0.alpha2)
      activerecord (= 7.0.0.alpha2)
      activestorage (= 7.0.0.alpha2)
      activesupport (= 7.0.0.alpha2)
      bundler (>= 1.15.0)
      railties (= 7.0.0.alpha2)
      sprockets-rails (>= 2.0.0)
    rails-dom-testing (2.0.3)
      activesupport (>= 4.2.0)
      nokogiri (>= 1.6)
    rails-html-sanitizer (1.4.2)
      loofah (~> 2.3)
    railties (7.0.0.alpha2)
      actionpack (= 7.0.0.alpha2)
      activesupport (= 7.0.0.alpha2)
      method_source
      rake (>= 0.13)
      thor (~> 1.0)
      zeitwerk (~> 2.5.0.beta3)
    rainbow (3.0.0)
    raindrops (0.19.2)
    rake (13.0.6)
    rbi (0.0.7)
      ast
      parser
      sorbet-runtime (>= 0.5.9204)
      unparser
    redis (4.5.1)
    regexp_parser (2.1.1)
    reline (0.2.7)
      io-console (~> 0.5)
    representable (3.1.1)
      declarative (< 0.1.0)
      trailblazer-option (>= 0.1.1, < 0.2.0)
      uber (< 0.2.0)
    retriable (3.1.2)
    rexml (3.2.5)
    rubocop (1.23.0)
      parallel (~> 1.10)
      parser (>= 3.0.0.0)
      rainbow (>= 2.2.2, < 4.0)
      regexp_parser (>= 1.8, < 3.0)
      rexml
      rubocop-ast (>= 1.12.0, < 2.0)
      ruby-progressbar (~> 1.7)
      unicode-display_width (>= 1.4.0, < 3.0)
    rubocop-ast (1.13.0)
      parser (>= 3.0.1.1)
    rubocop-lsp (0.1.6)
      language_server-protocol (>= 3.16)
      rubocop (>= 1.0)
    rubocop-shopify (2.3.0)
      rubocop (~> 1.22)
    rubocop-sorbet (0.6.2)
      rubocop
    ruby-kafka (1.3.0)
      digest-crc
    ruby-progressbar (1.11.0)
    ruby2_keywords (0.0.5)
    rubyzip (2.3.2)
    selenium-webdriver (4.0.3)
      childprocess (>= 0.5, < 5.0)
      rexml (~> 3.2, >= 3.2.5)
      rubyzip (>= 1.2.2)
    semian (0.11.4)
    signet (0.16.0)
      addressable (~> 2.8)
      faraday (>= 0.17.3, < 2.0)
      jwt (>= 1.5, < 3.0)
      multi_json (~> 1.10)
    simpleidn (0.2.1)
      unf (~> 0.1.4)
    snappy (0.2.0)
    sorbet (0.5.9368)
      sorbet-static (= 0.5.9368)
    sorbet-runtime (0.5.9338)
    sorbet-static (0.5.9368-universal-darwin-20)
    spoom (1.1.5)
      sorbet (>= 0.5.9204)
      sorbet-runtime (>= 0.5.9204)
      thor (>= 0.19.2)
    sprockets (4.0.2)
      concurrent-ruby (~> 1.0)
      rack (> 1, < 3)
    sprockets-rails (3.4.0)
      actionpack (>= 5.2)
      activesupport (>= 5.2)
      sprockets (>= 3.0.0)
    statsd-instrument (3.1.2)
    stimulus-rails (0.7.2)
      rails (>= 6.0.0)
    sysvmq (0.2.2)
    tapioca (0.5.4)
      bundler (>= 1.17.3)
      pry (>= 0.12.2)
      rbi
      sorbet-runtime
      sorbet-static (>= 0.5.6200)
      spoom
      thor (>= 0.19.2)
      yard-sorbet
    thor (1.1.0)
    thrift (0.15.0)
    trailblazer-option (0.1.2)
    tros (1.7.6.4)
    turbo-rails (0.8.3)
      rails (>= 6.0.0)
    tzinfo (2.0.4)
      concurrent-ruby (~> 1.0)
    uber (0.1.0)
    unf (0.1.4)
      unf_ext
    unf_ext (0.0.8)
    unicode-display_width (2.1.0)
    unparser (0.6.2)
      diff-lcs (~> 1.3)
      parser (>= 3.0.0)
    web-console (4.2.0)
      actionview (>= 6.0.0)
      activemodel (>= 6.0.0)
      bindex (>= 0.4.0)
      railties (>= 6.0.0)
    webdrivers (5.0.0)
      nokogiri (~> 1.6)
      rubyzip (>= 1.3.0)
      selenium-webdriver (~> 4.0)
    webrick (1.7.0)
    websocket-driver (0.7.5)
      websocket-extensions (>= 0.1.0)
    websocket-extensions (0.1.5)
    xpath (3.2.0)
      nokogiri (~> 1.8)
    yard (0.9.26)
    yard-sorbet (0.6.1)
      sorbet-runtime (>= 0.5)
      yard (>= 0.9)
    zeitwerk (2.5.1)

PLATFORMS
  x86_64-darwin-20

DEPENDENCIES
  bootsnap (>= 1.4.4)
  capybara (>= 3.26)
  debug (>= 1.0.0)
  deprecated!
  ejson-rails
  importmap-rails (>= 0.3.4)
  jbuilder (~> 2.7)
  kafka-shopify!
  minitest-distributed
  minitest-silence (>= 0.2.4)
  monorail!
  mysql2 (~> 0.5)
  opentelemetry-shopify!
  puma (~> 5.0)
  rails (= 7.0.0.alpha2)
  redis (~> 4.0)
  rubocop-lsp
  rubocop-shopify
  selenium-webdriver
  shopify-cloud!
  shopify-types!
  shopify_metrics!
  stimulus-rails (>= 0.4.0)
  turbo-rails
  web-console (>= 4.1.0)
  webdrivers

BUNDLED WITH
   2.2.25
